PATH
  remote: .
  specs:
    stuff-classifier (0.5)
      ruby-stemmer
      sequel

GEM
  remote: http://rubygems.org/
  specs:
    ansi (1.4.3)
    archive-tar-minitar (0.5.2)
    awesome_print (1.1.0)
    columnize (0.3.6)
    linecache19 (0.5.12)
      ruby_core_source (>= 0.1.4)
    minitest (5.0.5)
    multi_json (1.7.7)
    rake (10.1.0)
    ruby-debug-base19 (0.11.25)
      columnize (>= 0.3.1)
      linecache19 (>= 0.5.11)
      ruby_core_source (>= 0.1.4)
    ruby-debug19 (0.11.6)
      columnize (>= 0.3.1)
      linecache19 (>= 0.5.11)
      ruby-debug-base19 (>= 0.11.19)
    ruby-stemmer (0.9.3)
    ruby_core_source (0.1.5)
      archive-tar-minitar (>= 0.5.2)
    sequel (3.48.0)
    simplecov (0.7.1)
      multi_json (~> 1.0)
      simplecov-html (~> 0.7.1)
    simplecov-html (0.7.1)
    turn (0.9.6)
      ansi

PLATFORMS
  ruby

DEPENDENCIES
  awesome_print
  bundler
  minitest (>= 2.10)
  rake (>= 0.9.2)
  ruby-debug19
  simplecov
  stuff-classifier!
  turn (>= 0.8.3)
